GEM
  remote: http://rubygems.org/
  specs:
    addressable (2.2.7)
    coffee-script (2.2.0)
      coffee-script-source
      execjs
    coffee-script-source (1.2.0)
    domain_name (0.5.2)
      unf (~> 0.0.3)
    execjs (1.3.0)
      multi_json (~> 1.0)
    faraday (0.7.6)
      addressable (~> 2.2)
      multipart-post (~> 1.1)
      rack (~> 1.1)
    github_api (0.4.7)
      faraday (~> 0.7.6)
      hashie (~> 1.2.0)
      multi_json (~> 1.1.0)
      oauth2 (~> 0.5.2)
    haml (3.1.4)
    hashie (1.2.0)
    mechanize (2.3)
      domain_name (~> 0.5, >= 0.5.1)
      mime-types (~> 1.17, >= 1.17.2)
      net-http-digest_auth (~> 1.1, >= 1.1.1)
      net-http-persistent (~> 2.5, >= 2.5.2)
      nokogiri (~> 1.4)
      ntlm-http (~> 0.1, >= 0.1.1)
      webrobots (~> 0.0, >= 0.0.9)
    mime-types (1.17.2)
    multi_json (1.1.0)
    multipart-post (1.1.5)
    net-http-digest_auth (1.2)
    net-http-persistent (2.5.2)
    nokogiri (1.5.2)
    ntlm-http (0.1.1)
    oauth2 (0.5.2)
      faraday (~> 0.7)
      multi_json (~> 1.0)
    rack (1.4.1)
    rack-protection (1.2.0)
      rack
    rake (0.9.2.2)
    sass (3.1.15)
    sinatra (1.3.2)
      rack (~> 1.3, >= 1.3.6)
      rack-protection (~> 1.2)
      tilt (~> 1.3, >= 1.3.3)
    therubyracer-heroku (0.8.1.pre3)
    tilt (1.3.3)
    unf (0.0.5)
      unf_ext
    unf_ext (0.0.4)
    webrobots (0.0.13)

PLATFORMS
  ruby

DEPENDENCIES
  bundler
  coffee-script
  github_api
  haml
  mechanize
  rack
  rake
  sass
  sinatra
  therubyracer-heroku
